GEM
  remote: https://rubygems.org/
  specs:
    addressable (2.8.0)
      public_suffix (>= 2.0.2, < 5.0)
    autorun (0.1.0)
    byebug (11.1.3)
    crack (0.4.5)
      rexml
    diff-lcs (1.5.0)
    faraday (2.2.0)
      faraday-net_http (~> 2.0)
      ruby2_keywords (>= 0.0.4)
    faraday-net_http (2.0.1)
    hashdiff (1.0.1)
    public_suffix (4.0.6)
    rexml (3.2.5)
    rspec (3.11.0)
      rspec-core (~> 3.11.0)
      rspec-expectations (~> 3.11.0)
      rspec-mocks (~> 3.11.0)
    rspec-core (3.11.0)
      rspec-support (~> 3.11.0)
    rspec-expectations (3.11.0)
      diff-lcs (>= 1.2.0, < 2.0)
      rspec-support (~> 3.11.0)
    rspec-mocks (3.11.0)
      diff-lcs (>= 1.2.0, < 2.0)
      rspec-support (~> 3.11.0)
    rspec-support (3.11.0)
    ruby2_keywords (0.0.5)
    vcr (6.1.0)
    webmock (3.14.0)
      addressable (>= 2.8.0)
      crack (>= 0.3.2)
      hashdiff (>= 0.4.0, < 2.0.0)

PLATFORMS
  x86_64-linux

DEPENDENCIES
  autorun (~> 0.1.0)
  byebug (~> 11.1, >= 11.1.3)
  faraday (~> 2.2)
  rspec (~> 3.11)
  vcr (~> 6.1)
  webmock (~> 3.14)

RUBY VERSION
   ruby 3.0.2p107

BUNDLED WITH
   2.2.32
